GIT
  remote: https://github.com/alces-software/commander
  revision: 4090e181cf280f228543e35ad21af219a6d2f626
  specs:
    commander (4.4.4.pre.alces2)
      highline (~> 1.7.2)

GEM
  remote: https://rubygems.org/
  specs:
    highline (1.7.10)

PLATFORMS
  ruby

DEPENDENCIES
  commander!

BUNDLED WITH
   1.11.2
