GIT
  remote: git://github.com/opscode/omnibus-software.git
  revision: 54478c0b5ac4a2872c06025dfa6d9a10ed6db72d
  branch: master
  specs:
    omnibus-software (4.0.0)
      chef-sugar (>= 3.4.0)
      omnibus (>= 5.6.1)

GIT
  remote: https://github.com/alces-software/commander
  revision: 4090e181cf280f228543e35ad21af219a6d2f626
  specs:
    commander (4.4.4.pre.alces2)
      highline (~> 1.7.2)

GEM
  remote: https://rubygems.org/
  specs:
    activesupport (5.2.0)
      concurrent-ruby (~> 1.0, >= 1.0.2)
      i18n (>= 0.7, < 2)
      minitest (~> 5.1)
      tzinfo (~> 1.1)
    addressable (2.5.2)
      public_suffix (>= 2.0.2, < 4.0)
    awesome_print (1.8.0)
    aws-sdk (2.11.65)
      aws-sdk-resources (= 2.11.65)
    aws-sdk-core (2.11.65)
      aws-sigv4 (~> 1.0)
      jmespath (~> 1.0)
    aws-sdk-resources (2.11.65)
      aws-sdk-core (= 2.11.65)
    aws-sigv4 (1.0.2)
    byebug (10.0.2)
    chef-config (13.9.4)
      addressable
      fuzzyurl
      mixlib-config (~> 2.0)
      mixlib-shellout (~> 2.0)
      tomlrb (~> 1.2)
    chef-sugar (3.6.0)
    citrus (3.0.2)
    cleanroom (1.0.0)
    coderay (1.1.2)
    concurrent-ruby (1.0.5)
    ffi (1.9.25)
    ffi-yajl (2.3.1)
      libyajl2 (~> 1.2)
    fuzzyurl (0.9.0)
    highline (1.7.10)
    i18n (1.0.1)
      concurrent-ruby (~> 1.0)
    iostruct (0.0.4)
    ipaddress (0.8.3)
    jmespath (1.4.0)
    libyajl2 (1.2.0)
    license_scout (1.0.10)
      ffi-yajl (~> 2.2)
      mixlib-shellout (~> 2.2)
      toml-rb (~> 1.0)
    method_source (0.9.0)
    minitest (5.11.3)
    mixlib-cli (1.7.0)
    mixlib-config (2.2.6)
      tomlrb
    mixlib-log (1.7.1)
    mixlib-shellout (2.3.2)
    mixlib-versioning (1.2.2)
    multipart-post (2.0.0)
    ohai (8.26.1)
      chef-config (>= 12.5.0.alpha.1, < 14)
      ffi (~> 1.9)
      ffi-yajl (~> 2.2)
      ipaddress
      mixlib-cli
      mixlib-config (~> 2.0)
      mixlib-log (>= 1.7.1, < 2.0)
      mixlib-shellout (~> 2.0)
      plist (~> 3.1)
      systemu (~> 2.6.4)
      wmi-lite (~> 1.0)
    omnibus (5.6.8)
      aws-sdk (~> 2)
      chef-sugar (~> 3.3)
      cleanroom (~> 1.0)
      ffi-yajl (~> 2.2)
      license_scout (~> 1.0)
      mixlib-shellout (~> 2.0)
      mixlib-versioning
      ohai (~> 8.0)
      pedump
      ruby-progressbar (~> 1.7)
      thor (~> 0.18)
    pedump (0.5.2)
      awesome_print
      iostruct (>= 0.0.4)
      multipart-post (~> 2.0.0)
      progressbar
      zhexdump (>= 0.0.2)
    plist (3.4.0)
    progressbar (1.9.0)
    pry (0.11.3)
      coderay (~> 1.1.0)
      method_source (~> 0.9.0)
    pry-byebug (3.6.0)
      byebug (~> 10.0)
      pry (~> 0.10)
    public_suffix (3.0.2)
    require_all (2.0.0)
    ruby-progressbar (1.9.0)
    systemu (2.6.5)
    thor (0.20.0)
    thread_safe (0.3.6)
    toml-rb (1.1.1)
      citrus (~> 3.0, > 3.0)
    tomlrb (1.2.6)
    tzinfo (1.2.5)
      thread_safe (~> 0.1)
    wmi-lite (1.0.0)
    zhexdump (0.0.2)

PLATFORMS
  ruby

DEPENDENCIES
  activesupport
  commander!
  omnibus (~> 5.6)
  omnibus-software!
  pry
  pry-byebug
  require_all

BUNDLED WITH
   1.16.2
