GIT
  remote: https://github.com/alces-software/commander
  revision: 4090e181cf280f228543e35ad21af219a6d2f626
  specs:
    commander (4.4.4.pre.alces2)
      highline (~> 1.7.2)

GEM
  remote: https://rubygems.org/
  specs:
    activesupport (5.2.0)
      concurrent-ruby (~> 1.0, >= 1.0.2)
      i18n (>= 0.7, < 2)
      minitest (~> 5.1)
      tzinfo (~> 1.1)
    concurrent-ruby (1.0.5)
    highline (1.7.10)
    i18n (1.0.1)
      concurrent-ruby (~> 1.0)
    minitest (5.11.3)
    require_all (2.0.0)
    thread_safe (0.3.6)
    tzinfo (1.2.5)
      thread_safe (~> 0.1)

PLATFORMS
  ruby

DEPENDENCIES
  activesupport
  commander!
  require_all

BUNDLED WITH
   1.11.2
